PATH
  remote: .
  specs:
    ya_feedr (0.0.1)
      bson
      bson_ext
      haml
      i18n
      mongo_mapper
      nokogiri
      rake
      sinatra (>= 1.2.0)
      time-lord

GEM
  remote: http://rubygems.org/
  specs:
    activemodel (3.0.5)
      activesupport (= 3.0.5)
      builder (~> 2.1.2)
      i18n (~> 0.4)
    activesupport (3.0.5)
    addressable (2.2.6)
    bson (1.3.1)
    bson_ext (1.3.1)
    builder (2.1.2)
    crack (0.1.8)
    database_cleaner (0.6.7)
    haml (3.1.2)
    i18n (0.6.0)
    minitest (2.3.0)
    mongo (1.3.1)
      bson (>= 1.3.1)
    mongo_mapper (0.9.1)
      activemodel (~> 3.0)
      activesupport (~> 3.0)
      plucky (~> 0.3.8)
    nokogiri (1.4.5)
    plucky (0.3.8)
      mongo (~> 1.3)
    purdytest (1.0.0)
      minitest (~> 2.2)
    rack (1.3.0)
    rack-test (0.6.0)
      rack (>= 1.0)
    rake (0.9.2)
    sinatra (1.2.6)
      rack (~> 1.1)
      tilt (< 2.0, >= 1.2.2)
    tilt (1.3.2)
    time-lord (0.1.5)
    webmock (1.6.4)
      addressable (> 2.2.5, ~> 2.2)
      crack (>= 0.1.7)

PLATFORMS
  ruby

DEPENDENCIES
  bundler (>= 1.0.0)
  database_cleaner
  purdytest
  rack-test
  webmock
  ya_feedr!
